{
	"TaskName": "p300",
	"Manufacturer": "Neuracle Neusen",
	"PowerLineFrequency": 50.0,
	"SamplingFrequency": 1000.0,
	"SoftwareFilters": "n/a",
	"RecordingDuration": 217.062,
	"RecordingType": "continuous",
	"EEGReference": "CPz",
	"EEGGround": "AFz",
	"EEGPlacementScheme": "10-20 system",
	"EEGChannelCount": 57,
	"EOGChannelCount": 0,
	"ECGChannelCount": 0,
	"EMGChannelCount": 0,
	"TriggerChannelCount": 0,
	"ManufacturersModelName": "Neuracle Neusen",
	"SoftwareVersions": "n/a",
	"HardwareFilters": "n/a",
	"TaskDescription": "RSVP face authentication; self-face vs AI-generated faces; 4 sessions over 200 days (longitudinal) Trial duration: 1.0s, SOA: 100.0ms.",
	"Instructions": "n/a",
	"CogAtlasID": "https://www.cognitiveatlas.org/task/id/tsk_GxjZBNiJorj1K/",
	"InstitutionName": "Beijing University of Posts and Telecommunications",
	"InstitutionAddress": "CN",
	"InstitutionalDepartmentName": "n/a",
	"CapManufacturer": "n/a",
	"CapManufacturersModelName": "n/a",
	"SubjectArtefactDescription": "n/a",
	"DeviceSerialNumber": "n/a",
	"Description": "EEG recording.",
	"MISCChannelCount": 0
}